GEM
  remote: https://rubygems.org/
  specs:
    coffee-script (2.2.0)
      coffee-script-source
      execjs
    coffee-script-source (1.6.2)
    execjs (1.4.0)
      multi_json (~> 1.0)
    json (1.8.0)
    multi_json (1.7.3)
    rack (1.5.2)
    tilt (1.3.5)

PLATFORMS
  ruby

DEPENDENCIES
  coffee-script
  json
  rack
  tilt
